GEM
  remote: http://rubygems.org/
  specs:
    amq-client (0.9.3)
      amq-protocol (>= 0.9.1)
      eventmachine
    amq-protocol (0.9.1)
    amqp (0.9.6)
      amq-client (~> 0.9.3)
      amq-protocol (>= 0.9.1)
      eventmachine
    eventmachine (0.12.10)

PLATFORMS
  ruby

DEPENDENCIES
  amqp
