GEM
  remote: http://rubygems.org/
  specs:
    amq-client (0.9.3)
      amq-protocol (>= 0.9.1)
      eventmachine
    amq-protocol (0.9.1)
    amqp (0.9.6)
      amq-client (~> 0.9.3)
      amq-protocol (>= 0.9.1)
      eventmachine
    eventmachine (0.12.10)
    git (1.2.5)
    jeweler (1.8.3)
      bundler (~> 1.0)
      git (>= 1.2.5)
      rake
      rdoc
    json (1.6.5)
    rake (0.9.2.2)
    rdoc (3.12)
      json (~> 1.4)
    redcarpet (1.17.2)
    yard (0.8.2.1)

PLATFORMS
  ruby

DEPENDENCIES
  amqp
  bundler
  jeweler
  redcarpet
  yard
